PATH
  remote: .
  specs:
    pubnub (3.7.0)
      eventmachine (~> 1.0)
      json (~> 1.8)
      net-http-persistent (~> 2.9)

GEM
  remote: https://rubygems.org/
  specs:
    addressable (2.3.6)
    awesome_print (1.2.0)
    coderay (1.1.0)
    crack (0.4.2)
      safe_yaml (~> 1.0.0)
    diff-lcs (1.2.5)
    eventmachine (1.0.7)
    json (1.8.2)
    memory_profiler (0.0.4)
    method_source (0.8.2)
    net-http-persistent (2.9.4)
    pry (0.10.0)
      coderay (~> 1.1.0)
      method_source (~> 0.8.1)
      slop (~> 3.4)
    rr (1.1.2)
    rspec (2.14.0)
      rspec-core (~> 2.14.0)
      rspec-expectations (~> 2.14.0)
      rspec-mocks (~> 2.14.0)
    rspec-core (2.14.8)
    rspec-expectations (2.14.5)
      diff-lcs (>= 1.1.3, < 2.0)
    rspec-mocks (2.14.6)
    ruby-prof (0.15.3)
    safe_yaml (1.0.3)
    slop (3.5.0)
    vcr (2.9.2)
    webmock (1.18.0)
      addressable (>= 2.3.6)
      crack (>= 0.3.2)

PLATFORMS
  ruby

DEPENDENCIES
  awesome_print
  bundler (~> 1.6)
  memory_profiler
  pry
  pubnub!
  rr
  rspec (= 2.14)
  ruby-prof
  vcr
  webmock
